PATH
  remote: .
  specs:
    backport_dig (0.0.2)

GEM
  remote: https://rubygems.org/
  specs:
    diff-lcs (1.2.5)
    hoe (3.15.1)
      rake (>= 0.8, < 12.0)
    rake (11.2.2)
    rake-compiler (1.0.1)
      rake
    rspec (3.5.0)
      rspec-core (~> 3.5.0)
      rspec-expectations (~> 3.5.0)
      rspec-mocks (~> 3.5.0)
    rspec-core (3.5.0)
      rspec-support (~> 3.5.0)
    rspec-expectations (3.5.0)
      diff-lcs (>= 1.2.0, < 2.0)
      rspec-support (~> 3.5.0)
    rspec-mocks (3.5.0)
      diff-lcs (>= 1.2.0, < 2.0)
      rspec-support (~> 3.5.0)
    rspec-support (3.5.0)

PLATFORMS
  ruby

DEPENDENCIES
  backport_dig!
  hoe
  rake-compiler
  rspec (>= 3.0.0)

BUNDLED WITH
   1.12.5
